GEM
  remote: https://rubygems.org/
  specs:
    addressable (2.3.6)
    blankslate (2.1.2.4)
    classifier (1.3.4)
      fast-stemmer (>= 1.0.0)
    colorator (0.1)
    commander (4.1.6)
      highline (~> 1.6.11)
    daemons (1.1.9)
    eventmachine (1.0.4)
    excon (0.43.0)
    fast-stemmer (1.0.2)
    ffi (1.9.6)
    heroku (3.23.3)
      heroku-api (~> 0.3.19)
      launchy (>= 0.3.2)
      multi_json (~> 1.10.1)
      netrc (>= 0.10.0)
      rest-client (= 1.6.7)
      rubyzip (= 0.9.9)
    heroku-api (0.3.22)
      excon (~> 0.38)
      multi_json (~> 1.8)
    highline (1.6.21)
    jekyll (1.5.1)
      classifier (~> 1.3)
      colorator (~> 0.1)
      commander (~> 4.1.3)
      liquid (~> 2.5.5)
      listen (~> 1.3)
      maruku (= 0.7.0)
      pygments.rb (~> 0.5.0)
      redcarpet (~> 2.3.0)
      safe_yaml (~> 1.0)
      toml (~> 0.1.0)
    kgio (2.9.3)
    kramdown (1.5.0)
    launchy (2.4.3)
      addressable (~> 2.3)
    liquid (2.5.5)
    listen (1.3.1)
      rb-fsevent (>= 0.9.3)
      rb-inotify (>= 0.9)
      rb-kqueue (>= 0.2)
    maruku (0.7.0)
    mime-types (2.4.3)
    multi_json (1.10.1)
    netrc (0.10.2)
    parslet (1.5.0)
      blankslate (~> 2.0)
    posix-spawn (0.3.9)
    puma (2.11.0)
      rack (>= 1.1, < 2.0)
    pygments.rb (0.5.4)
      posix-spawn (~> 0.3.6)
      yajl-ruby (~> 1.1.0)
    rack (1.5.2)
    rack-contrib (1.2.0)
      rack (>= 0.9.1)
    rack-jekyll (0.4.1)
      jekyll (>= 0.12.0, < 2.0)
      rack (~> 1.5.0)
    rack-timeout (0.2.0)
    raindrops (0.13.0)
    rake (10.1.0)
    rb-fsevent (0.9.4)
    rb-inotify (0.9.5)
      ffi (>= 0.5.0)
    rb-kqueue (0.2.3)
      ffi (>= 0.5.0)
    redcarpet (2.3.0)
    rest-client (1.6.7)
      mime-types (>= 1.16)
    rubyzip (0.9.9)
    safe_yaml (1.0.4)
    thin (1.6.3)
      daemons (~> 1.0, >= 1.0.9)
      eventmachine (~> 1.0)
      rack (~> 1.0)
    toml (0.1.2)
      parslet (~> 1.5.0)
    unicorn (4.8.3)
      kgio (~> 2.6)
      rack
      raindrops (~> 0.7)
    yajl-ruby (1.1.0)

PLATFORMS
  ruby

DEPENDENCIES
  bundler (= 1.7.3)
  heroku (~> 3.23.3)
  jekyll
  kramdown (~> 1.5.0)
  puma (~> 2.11.0)
  rack-contrib (~> 1.2.0)
  rack-jekyll
  rack-timeout (~> 0.2.0)
  rake (= 10.1.0)
  thin (~> 1.6.3)
  unicorn (~> 4.8.3)
